GEM
  remote: https://rubygems.org/
  specs:
    actionmailer (4.1.14.2)
      actionpack (= 4.1.14.2)
      actionview (= 4.1.14.2)
      mail (~> 2.5, >= 2.5.4)
    actionpack (4.1.14.2)
      actionview (= 4.1.14.2)
      activesupport (= 4.1.14.2)
      rack (~> 1.5.2)
      rack-test (~> 0.6.2)
    actionview (4.1.14.2)
      activesupport (= 4.1.14.2)
      builder (~> 3.1)
      erubis (~> 2.7.0)
    activemodel (4.1.14.2)
      activesupport (= 4.1.14.2)
      builder (~> 3.1)
    activerecord (4.1.14.2)
      activemodel (= 4.1.14.2)
      activesupport (= 4.1.14.2)
      arel (~> 5.0.0)
    activesupport (4.1.14.2)
      i18n (~> 0.6, >= 0.6.9)
      json (~> 1.7, >= 1.7.7)
      minitest (~> 5.1)
      thread_safe (~> 0.1)
      tzinfo (~> 1.1)
    arel (5.0.1.20140414130214)
    builder (3.2.2)
    diff-lcs (1.2.5)
    erubis (2.7.0)
    hike (1.2.3)
    i18n (0.7.0)
    json (1.8.3)
    mail (2.6.4)
      mime-types (>= 1.16, < 4)
    mime-types (3.0)
      mime-types-data (~> 3.2015)
    mime-types-data (3.2016.0221)
    minitest (5.8.4)
    multi_json (1.11.3)
    mysql2 (0.3.18)
    rack (1.5.5)
    rack-test (0.6.3)
      rack (>= 1.0)
    rails (4.1.14.2)
      actionmailer (= 4.1.14.2)
      actionpack (= 4.1.14.2)
      actionview (= 4.1.14.2)
      activemodel (= 4.1.14.2)
      activerecord (= 4.1.14.2)
      activesupport (= 4.1.14.2)
      bundler (>= 1.3.0, < 2.0)
      railties (= 4.1.14.2)
      sprockets-rails (~> 2.0)
    railties (4.1.14.2)
      actionpack (= 4.1.14.2)
      activesupport (= 4.1.14.2)
      rake (>= 0.8.7)
      thor (>= 0.18.1, < 2.0)
    rake (11.1.2)
    rspec-core (3.4.4)
      rspec-support (~> 3.4.0)
    rspec-expectations (3.4.0)
      diff-lcs (>= 1.2.0, < 2.0)
      rspec-support (~> 3.4.0)
    rspec-mocks (3.4.1)
      diff-lcs (>= 1.2.0, < 2.0)
      rspec-support (~> 3.4.0)
    rspec-rails (3.4.2)
      actionpack (>= 3.0, < 4.3)
      activesupport (>= 3.0, < 4.3)
      railties (>= 3.0, < 4.3)
      rspec-core (~> 3.4.0)
      rspec-expectations (~> 3.4.0)
      rspec-mocks (~> 3.4.0)
      rspec-support (~> 3.4.0)
    rspec-support (3.4.1)
    spring (1.7.1)
    sprockets (2.12.4)
      hike (~> 1.2)
      multi_json (~> 1.0)
      rack (~> 1.0)
      tilt (~> 1.1, != 1.3.0)
    sprockets-rails (2.3.3)
      actionpack (>= 3.0)
      activesupport (>= 3.0)
      sprockets (>= 2.8, < 4.0)
    thor (0.19.1)
    thread_safe (0.3.5)
    tilt (1.4.1)
    tzinfo (1.2.2)
      thread_safe (~> 0.1)

PLATFORMS
  ruby

DEPENDENCIES
  mysql2
  rails (= 4.1.14.2)
  rspec-rails (~> 3.4.2)
  spring

BUNDLED WITH
   1.11.2
